GEM
  remote: https://rubygems.org/
  specs:
    csv (3.1.9)
    rubyzip (2.3.0)

PLATFORMS
  ruby

DEPENDENCIES
  csv (~> 3.1, >= 3.1.9)!
  rubyzip (~> 2.3)!

BUNDLED WITH
   2.1.4
